GEM
  remote: https://rubygems.org/
  specs:
    activemodel (3.2.8)
      activesupport (= 3.2.8)
      builder (~> 3.0.0)
    activerecord (3.2.8)
      activemodel (= 3.2.8)
      activesupport (= 3.2.8)
      arel (~> 3.0.2)
      tzinfo (~> 0.3.29)
    activesupport (3.2.8)
      i18n (~> 0.6)
      multi_json (~> 1.0)
    arel (3.0.2)
    builder (3.0.0)
    eventmachine (1.0.0.rc.4)
    eventmachine (1.0.0.rc.4-x86-mingw32)
    fxruby (1.6.25)
    fxruby (1.6.25-x86-mingw32)
    i18n (0.6.0)
    multi_json (1.3.6)
    sqlite3 (1.3.6)
    sqlite3 (1.3.6-x86-mingw32)
    tzinfo (0.3.33)

PLATFORMS
  ruby
  x86-mingw32

DEPENDENCIES
  activerecord
  eventmachine (= 1.0.0.rc.4)
  fxruby
  sqlite3
